GEM
  remote: http://rubygems.org/
  specs:
    diff-lcs (1.2.1)
    git (1.2.5)
    jeweler (1.6.4)
      bundler (~> 1.0)
      git (>= 1.2.5)
      rake
    nokogiri (1.5.8)
    rake (12.3.3)
    rspec (2.13.0)
      rspec-core (~> 2.13.0)
      rspec-expectations (~> 2.13.0)
      rspec-mocks (~> 2.13.0)
    rspec-core (2.13.1)
    rspec-expectations (2.13.0)
      diff-lcs (>= 1.1.3, < 2.0)
    rspec-mocks (2.13.0)
    sanitize (2.0.3)
      nokogiri (>= 1.4.4, < 1.6)

PLATFORMS
  ruby

DEPENDENCIES
  bundler
  jeweler (~> 1.6.2)
  nokogiri
  rake
  rspec
  sanitize
